PATH
  remote: .
  specs:
    mosql (0.1.2)
      activesupport
      bson_ext
      json
      log4r
      mongo
      mongoriver
      pg
      rake
      sequel

GEM
  remote: https://rubygems.org/
  specs:
    activesupport (3.2.12)
      i18n (~> 0.6)
      multi_json (~> 1.0)
    bson (1.8.3)
    bson_ext (1.8.3)
      bson (~> 1.8.3)
    i18n (0.6.2)
    json (1.7.7)
    log4r (1.1.10)
    metaclass (0.0.1)
    minitest (3.0.0)
    mocha (0.10.5)
      metaclass (~> 0.0.1)
    mongo (1.8.2)
      bson (~> 1.8.2)
    mongoriver (0.1.0)
      bson_ext
      log4r
      mongo (>= 1.7)
    multi_json (1.6.1)
    pg (0.14.1)
    rake (10.0.3)
    sequel (3.44.0)

PLATFORMS
  ruby

DEPENDENCIES
  minitest
  mocha
  mosql!
